GEM
  remote: https://rubygems.org/
  specs:
    addressable (2.3.3)
    launchy (2.2.0)
      addressable (~> 2.3)
    rake (10.0.3)

PLATFORMS
  ruby

DEPENDENCIES
  launchy
  rake
